GEM
  remote: http://rubygems.org/
  specs:
    activemodel (3.0.4)
      activesupport (= 3.0.4)
      builder (~> 2.1.2)
      i18n (~> 0.4)
    activerecord (3.0.4)
      activemodel (= 3.0.4)
      activesupport (= 3.0.4)
      arel (~> 2.0.2)
      tzinfo (~> 0.3.23)
    activesupport (3.0.4)
    arel (2.0.8)
    builder (2.1.2)
    database_cleaner (0.6.3)
    diff-lcs (1.1.2)
    i18n (0.5.0)
    rspec (2.5.0)
      rspec-core (~> 2.5.0)
      rspec-expectations (~> 2.5.0)
      rspec-mocks (~> 2.5.0)
    rspec-core (2.5.1)
    rspec-expectations (2.5.0)
      diff-lcs (~> 1.1.2)
    rspec-mocks (2.5.0)
    sqlite3 (1.3.3)
    tzinfo (0.3.24)
    valid_attribute (1.2.0)

PLATFORMS
  ruby

DEPENDENCIES
  activerecord (~> 3.0)
  database_cleaner
  rspec
  sqlite3
  valid_attribute
