GEM
  remote: http://rubygems.org/
  specs:
    activemodel (3.2.2)
      activesupport (= 3.2.2)
      builder (~> 3.0.0)
    activerecord (3.2.2)
      activemodel (= 3.2.2)
      activesupport (= 3.2.2)
      arel (~> 3.0.2)
      tzinfo (~> 0.3.29)
    activesupport (3.2.2)
      i18n (~> 0.6)
      multi_json (~> 1.0)
    arel (3.0.2)
    builder (3.0.0)
    database_cleaner (0.7.1)
    diff-lcs (1.1.3)
    factory_girl (2.6.4)
      activesupport (>= 2.3.9)
    i18n (0.6.0)
    multi_json (1.1.0)
    rspec (2.9.0)
      rspec-core (~> 2.9.0)
      rspec-expectations (~> 2.9.0)
      rspec-mocks (~> 2.9.0)
    rspec-core (2.9.0)
    rspec-expectations (2.9.0)
      diff-lcs (~> 1.1.3)
    rspec-mocks (2.9.0)
    sqlite3 (1.3.5)
    tzinfo (0.3.32)
    valid_attribute (1.2.0)

PLATFORMS
  ruby

DEPENDENCIES
  activerecord (~> 3.2)
  database_cleaner
  factory_girl
  rspec
  sqlite3
  valid_attribute
